PATH
  remote: /home/james/ra/crossbeams/crossbeams-dataminer
  specs:
    crossbeams-dataminer (0.1.0)
      pg_query

PATH
  remote: /home/james/ra/crossbeams/crossbeams-layout
  specs:
    crossbeams-layout (0.1.0)

PATH
  remote: /home/james/ra/crossbeams/crossbeams-rack_middleware
  specs:
    crossbeams-rack_middleware (0.1.0)
      rack

GEM
  remote: https://rubygems.org/
  specs:
    awesome_print (1.7.0)
    coderay (1.1.1)
    concurrent-ruby (1.0.2)
    daemons (1.2.4)
    dry-configurable (0.3.0)
      concurrent-ruby (~> 1.0)
    dry-container (0.5.0)
      concurrent-ruby (~> 1.0)
      dry-configurable (~> 0.1, >= 0.1.3)
    dry-core (0.2.4)
      concurrent-ruby (~> 1.0)
    dry-equalizer (0.2.0)
    dry-initializer (0.11.0)
    dry-logic (0.4.0)
      dry-container (~> 0.2, >= 0.2.6)
      dry-core (~> 0.1)
      dry-equalizer (~> 0.2)
    dry-struct (0.1.1)
      dry-configurable (~> 0.1)
      dry-equalizer (~> 0.2)
      dry-types (~> 0.9, >= 0.9.0)
      ice_nine (~> 0.11)
    dry-types (0.9.4)
      concurrent-ruby (~> 1.0)
      dry-configurable (~> 0.1)
      dry-container (~> 0.3)
      dry-core (~> 0.2, >= 0.2.1)
      dry-equalizer (~> 0.2)
      dry-logic (~> 0.4, >= 0.4.0)
      inflecto (~> 0.0.0, >= 0.0.2)
    eventmachine (1.2.2)
    ffi (1.9.14)
    ice_nine (0.11.2)
    inflecto (0.0.2)
    json (2.0.3)
    listen (3.0.8)
      rb-fsevent (~> 0.9, >= 0.9.4)
      rb-inotify (~> 0.9, >= 0.9.7)
    method_source (0.8.2)
    pg (0.19.0)
    pg_query (0.11.4)
      json (>= 1.8, < 3)
    pry (0.10.4)
      coderay (~> 1.1.0)
      method_source (~> 0.8.1)
      slop (~> 3.4)
    rack (2.0.1)
    rb-fsevent (0.9.7)
    rb-inotify (0.9.7)
      ffi (>= 0.5.0)
    rerun (0.11.0)
      listen (~> 3.0)
    roda (2.22.0)
      rack
    rom (3.0.1)
      concurrent-ruby (~> 1.0)
      dry-core (~> 0.2, >= 0.2.3)
      dry-equalizer (~> 0.2)
      dry-initializer (~> 0.10, >= 0.10.2)
      dry-types (~> 0.9, >= 0.9.4)
      rom-mapper (~> 0.5)
    rom-mapper (0.5.0)
      dry-core (~> 0.2.3)
      dry-equalizer (~> 0.2)
      transproc (~> 1.0)
    rom-repository (1.0.1)
      dry-core (~> 0.2, >= 0.2.1)
      dry-struct (~> 0.1)
      rom (~> 3.0)
      rom-mapper (~> 0.5)
    rom-sql (1.0.0)
      dry-core (~> 0.2, >= 0.2.3)
      dry-equalizer (~> 0.2)
      dry-types (~> 0.9, >= 0.9.4)
      rom (~> 3.0)
      sequel (~> 4.42)
    sass (3.4.22)
    sequel (4.42.1)
    slop (3.6.0)
    thin (1.7.0)
      daemons (~> 1.0, >= 1.0.9)
      eventmachine (~> 1.0, >= 1.0.4)
      rack (>= 1, < 3)
    tilt (2.0.6)
    transproc (1.0.0)

PLATFORMS
  ruby

DEPENDENCIES
  awesome_print (~> 1.7)
  crossbeams-dataminer!
  crossbeams-layout!
  crossbeams-rack_middleware!
  pg
  pry
  rerun
  roda (~> 2.22)
  rom (~> 3.0)
  rom-repository (~> 1.0)
  rom-sql (~> 1.0)
  sass
  thin (~> 1.7)
  tilt

BUNDLED WITH
   1.13.6
